GEM
  remote: https://rubygems.org/
  specs:
    debug (1.9.1)
      irb (~> 1.10)
      reline (>= 0.3.8)
    diff-lcs (1.5.0)
    io-console (0.7.1)
    irb (1.11.0)
      rdoc
      reline (>= 0.3.8)
    psych (4.0.3)
      stringio
    rdbg (0.1.0)
      debug (>= 1.2.2)
    rdoc (6.4.0)
      psych (>= 4.0.0)
    reline (0.4.2)
      io-console (~> 0.5)
    rspec (3.12.0)
      rspec-core (~> 3.12.0)
      rspec-expectations (~> 3.12.0)
      rspec-mocks (~> 3.12.0)
    rspec-core (3.12.0)
      rspec-support (~> 3.12.0)
    rspec-expectations (3.12.0)
      diff-lcs (>= 1.2.0, < 2.0)
      rspec-support (~> 3.12.0)
    rspec-mocks (3.12.0)
      diff-lcs (>= 1.2.0, < 2.0)
      rspec-support (~> 3.12.0)
    rspec-support (3.12.0)
    stringio (3.1.0)

PLATFORMS
  arm64-darwin-21
  arm64-darwin-22

DEPENDENCIES
  debug
  rdbg
  rspec

BUNDLED WITH
   2.4.3
